PATH
  remote: .
  specs:
    lux-fw (0.5.64)
      as-duration (~> 0)
      awesome_print (~> 1)
      better_errors (~> 2)
      binding_of_caller (~> 0)
      clean-annotations (~> 0)
      clipboard (~> 1)
      colorize (~> 0)
      dotenv (~> 2)
      dry-inflector (~> 0)
      hamlit (= 2.9.5)
      hamlit-block (~> 0)
      hashie (~> 3)
      html-tag (~> 1)
      jwt (~> 2)
      mail (~> 2)
      niceql (~> 0)
      nokogiri (~> 1)
      pry (~> 0)
      pry-coolline (~> 0)
      puma (~> 4)
      rack (~> 2)
      rake (~> 13)
      sequel_pg (~> 1)
      thor (~> 0)
      typero (~> 0)
      whirly (~> 0)

GEM
  remote: http://rubygems.org/
  specs:
    as-duration (0.1.1)
    awesome_print (1.8.0)
    better_errors (2.5.1)
      coderay (>= 1.0.0)
      erubi (>= 1.0.0)
      rack (>= 0.9.0)
    binding_of_caller (0.8.0)
      debug_inspector (>= 0.0.1)
    clean-annotations (0.1.2)
    clipboard (1.3.3)
    coderay (1.1.2)
    colorize (0.8.1)
    coolline (0.5.0)
      unicode_utils (~> 1.4)
    debug_inspector (0.0.3)
    diff-lcs (1.3)
    dotenv (2.7.5)
    dry-inflector (0.2.0)
    erubi (1.9.0)
    fast_blank (1.0.0)
    hamlit (2.9.5)
      temple (>= 0.8.0)
      thor
      tilt
    hamlit-block (0.6.0)
      hamlit (>= 2.8.0)
    hashie (3.6.0)
    html-tag (1.1.0)
      fast_blank (~> 1)
    jwt (2.2.1)
    mail (2.7.1)
      mini_mime (>= 0.1.1)
    method_source (0.9.2)
    mini_mime (1.0.2)
    mini_portile2 (2.4.0)
    niceql (0.1.25)
    nio4r (2.5.2)
    nokogiri (1.10.7)
      mini_portile2 (~> 2.4.0)
    pg (1.1.4)
    pry (0.12.2)
      coderay (~> 1.1.0)
      method_source (~> 0.9.0)
    pry-coolline (0.2.5)
      coolline (~> 0.5)
    puma (4.3.1)
      nio4r (~> 2.0)
    rack (2.0.8)
    rake (13.0.1)
    rspec (3.9.0)
      rspec-core (~> 3.9.0)
      rspec-expectations (~> 3.9.0)
      rspec-mocks (~> 3.9.0)
    rspec-core (3.9.0)
      rspec-support (~> 3.9.0)
    rspec-expectations (3.9.0)
      diff-lcs (>= 1.2.0, < 2.0)
      rspec-support (~> 3.9.0)
    rspec-mocks (3.9.0)
      diff-lcs (>= 1.2.0, < 2.0)
      rspec-support (~> 3.9.0)
    rspec-support (3.9.0)
    sequel (5.27.0)
    sequel_pg (1.12.2)
      pg (>= 0.18.0)
      sequel (>= 4.38.0)
    temple (0.8.2)
    thor (0.20.3)
    tilt (2.0.10)
    typero (0.5.2)
      fast_blank (~> 1)
    unicode-display_width (1.6.0)
    unicode_utils (1.4.0)
    whirly (0.2.6)
      unicode-display_width (~> 1.1)

PLATFORMS
  ruby

DEPENDENCIES
  lux-fw!
  rspec

BUNDLED WITH
   1.17.3
